GEM
  remote: https://rubygems.org/
  specs:
    rake (12.2.1)

PLATFORMS
  ruby

DEPENDENCIES
  rake

BUNDLED WITH
   1.14.6
